PATH
  remote: .
  specs:
    jrzmq (1.0.2)
      edn (>= 1.0.2)

GEM
  remote: https://rubygems.org/
  specs:
    blankslate (2.1.2.4)
    diff-lcs (1.2.4)
    edn (1.0.2)
      parslet (~> 1.4.0)
    parslet (1.4.0)
      blankslate (~> 2.0)
    rake (10.1.0)
    rspec (2.14.1)
      rspec-core (~> 2.14.0)
      rspec-expectations (~> 2.14.0)
      rspec-mocks (~> 2.14.0)
    rspec-core (2.14.4)
    rspec-expectations (2.14.0)
      diff-lcs (>= 1.1.3, < 2.0)
    rspec-mocks (2.14.2)

PLATFORMS
  java
  x86-mingw32

DEPENDENCIES
  jrzmq!
  rake (~> 10.1.0)
  rspec (~> 2.14.1)
